GEM
  remote: http://rubygems.org/
  specs:
    racc (1.4.8)

PLATFORMS
  ruby

DEPENDENCIES
  racc
