GEM
  remote: http://rubygems.org/
  specs:
    activesupport (3.2.2)
      i18n (~> 0.6)
      multi_json (~> 1.0)
    i18n (0.6.0)
    multi_json (1.1.0)
    racc (1.4.8)

PLATFORMS
  ruby

DEPENDENCIES
  activesupport
  racc
