GEM
  remote: http://rubygems.org/
  specs:
    racc (1.4.8)
    rake (0.8.7)

PLATFORMS
  ruby

DEPENDENCIES
  racc
  rake
