GEM
  remote: http://rubygems.org/
  specs:
    racc (1.4.9)
    rake (10.0.3)

PLATFORMS
  ruby

DEPENDENCIES
  racc
  rake
