GEM
  remote: http://rubygems.org/
  specs:
    minitest (2.5.1)
    racc (1.4.9)
    rake (10.0.4)

PLATFORMS
  ruby

DEPENDENCIES
  minitest (~> 2.5.1)
  racc
  rake
